PATH
  remote: .
  specs:
    sidekiq-cloudwatchmetrics (2.1.0)
      aws-sdk-cloudwatch (~> 1.6)
      sidekiq (>= 5.0, < 7.0)

GEM
  remote: https://rubygems.org/
  specs:
    aws-eventstream (1.1.1)
    aws-partitions (1.465.0)
    aws-sdk-cloudwatch (1.51.0)
      aws-sdk-core (~> 3, >= 3.112.0)
      aws-sigv4 (~> 1.1)
    aws-sdk-core (3.114.1)
      aws-eventstream (~> 1, >= 1.0.2)
      aws-partitions (~> 1, >= 1.239.0)
      aws-sigv4 (~> 1.1)
      jmespath (~> 1.0)
    aws-sigv4 (1.2.3)
      aws-eventstream (~> 1, >= 1.0.2)
    connection_pool (2.2.5)
    diff-lcs (1.3)
    jmespath (1.4.0)
    rack (2.2.3)
    rake (12.3.3)
    redis (4.2.5)
    rexml (3.2.4)
    rspec (3.7.0)
      rspec-core (~> 3.7.0)
      rspec-expectations (~> 3.7.0)
      rspec-mocks (~> 3.7.0)
    rspec-core (3.7.0)
      rspec-support (~> 3.7.0)
    rspec-expectations (3.7.0)
      diff-lcs (>= 1.2.0, < 2.0)
      rspec-support (~> 3.7.0)
    rspec-mocks (3.7.0)
      diff-lcs (>= 1.2.0, < 2.0)
      rspec-support (~> 3.7.0)
    rspec-support (3.7.0)
    sidekiq (6.2.1)
      connection_pool (>= 2.2.2)
      rack (~> 2.0)
      redis (>= 4.2.0)
    timecop (0.9.1)

PLATFORMS
  ruby

DEPENDENCIES
  bundler (~> 2.2)
  rake (~> 12.3)
  rexml (~> 3.2)
  rspec (~> 3.7)
  sidekiq-cloudwatchmetrics!
  timecop (~> 0.9)

BUNDLED WITH
   2.2.15
